GEM
  remote: https://rubygems.org/
  specs:
    activesupport (4.0.2)
      i18n (~> 0.6, >= 0.6.4)
      minitest (~> 4.2)
      multi_json (~> 1.3)
      thread_safe (~> 0.1)
      tzinfo (~> 0.3.37)
    atomic (1.1.14)
    faraday (0.8.9)
      multipart-post (~> 1.2.0)
    faraday_middleware (0.9.0)
      faraday (>= 0.7.4, < 0.9)
    haml (3.1.6)
    i18n (0.6.9)
    minitest (4.7.5)
    multi_json (1.8.4)
    multipart-post (1.2.0)
    oauth (0.4.7)
    rack (1.4.1)
    rack-protection (1.2.0)
      rack
    rack-test (0.6.2)
      rack (>= 1.0)
    rake (10.1.1)
    sass (3.2.13)
    simple_oauth (0.2.0)
    sinatra (1.3.2)
      rack (~> 1.3, >= 1.3.6)
      rack-protection (~> 1.2)
      tilt (~> 1.3, >= 1.3.3)
    thread_safe (0.1.3)
      atomic
    tilt (1.3.3)
    tumblr_wrapper (0.4.2)
      activesupport
      faraday
      faraday_middleware
      oauth
      rake
      simple_oauth
    tzinfo (0.3.38)

PLATFORMS
  ruby

DEPENDENCIES
  haml
  rack-test
  sass
  sinatra
  tumblr_wrapper
